GEM
  remote: http://rubygems.org/
  specs:
    HeSYINUvSBZfxqA-capistrano (2.5.21)
      highline
      net-scp (>= 1.0.0)
      net-sftp (>= 2.0.0)
      net-ssh (>= 2.0.14)
      net-ssh-gateway (>= 1.0.0)
    HeSYINUvSBZfxqA-capistrano_colors (0.5.5)
    HeSYINUvSBZfxqA-capistrano_log (0.0.2)
      HeSYINUvSBZfxqA-capistrano (>= 2.5.14)
    HeSYINUvSBZfxqA-foreman (0.20.0.4)
      term-ansicolor (~> 1.0.5)
      thor (>= 0.13.6)
    alias (0.2.2)
    alpha_omega (0.0.46)
      HeSYINUvSBZfxqA-capistrano
      HeSYINUvSBZfxqA-capistrano_colors
      HeSYINUvSBZfxqA-capistrano_log
      HeSYINUvSBZfxqA-foreman
      grit
      microwave
    awesome_print (1.0.1)
    boson (0.3.4)
      alias (>= 0.2.2)
      hirb (>= 0.5.0)
    builder (3.0.0)
    dep_selector (0.0.8)
    diff-lcs (1.1.3)
    erubis (2.7.0)
    excon (0.7.8)
    fast_xs (0.8.0)
    fog (1.1.1)
      builder
      excon (~> 0.7.4)
      formatador (~> 0.2.0)
      mime-types
      multi_json (~> 1.0.3)
      net-scp (~> 1.0.4)
      net-ssh (>= 2.1.3)
      nokogiri (~> 1.5.0)
      ruby-hmac
    formatador (0.2.1)
    fpm (0.3.11)
      json
    grit (2.4.1)
      diff-lcs (~> 1.1)
      mime-types (~> 1.15)
    highline (1.6.8)
    hike (1.2.1)
    hirb (0.6.0)
    hub (1.7.0)
    interactive_editor (0.0.10)
      spoon (>= 0.0.1)
    json (1.5.2)
    microwave (0.1004.6)
      dep_selector
      erubis
      fast_xs
      hike
      json (>= 1.4.4, <= 1.5.2)
      mixlib-cli (>= 1.1.0)
      mixlib-config (>= 1.1.2)
      mixlib-log (>= 1.3.0)
      moneta
      sdoc
      uuidtools
    mime-types (1.17.2)
    mixlib-cli (1.2.2)
    mixlib-config (1.1.2)
    mixlib-log (1.3.0)
    moneta (0.6.0)
    multi_json (1.0.4)
    net-scp (1.0.4)
      net-ssh (>= 1.99.1)
    net-sftp (2.0.5)
      net-ssh (>= 2.0.9)
    net-ssh (2.2.1)
    net-ssh-gateway (1.1.0)
      net-ssh (>= 1.99.1)
    nokogiri (1.5.0)
    rdoc (3.11)
      json (~> 1.4)
    ruby-hmac (0.4.0)
    sdoc (0.3.16)
      json (>= 1.1.3)
      rdoc (~> 3.10)
    spoon (0.0.1)
    term-ansicolor (1.0.7)
    thor (0.14.6)
    tvd-bundler (0.0.3)
      microwave
    tvd-git (0.0.7)
      microwave
    tvd-microwave (0.0.3)
      microwave
    uuidtools (2.1.2)
    wirble (0.1.3)

PLATFORMS
  ruby

DEPENDENCIES
  alpha_omega
  awesome_print
  boson
  builder
  fog
  fpm
  hub
  interactive_editor
  tvd-bundler
  tvd-git
  tvd-microwave
  wirble
